GEM
  remote: http://rubygems.org/
  specs:
    multi_json (1.3.5)
    simplecov (0.6.4)
      multi_json (~> 1.0)
      simplecov-html (~> 0.5.3)
    simplecov-html (0.5.3)

PLATFORMS
  ruby

DEPENDENCIES
  simplecov
